PATH
  remote: .
  specs:
    rack-exception_notifier (0.2.0)
      mail (~> 2.5.3)
      rack (>= 1.0)

GEM
  remote: https://rubygems.org/
  specs:
    diff-lcs (1.2.1)
    i18n (0.6.4)
    mail (2.5.3)
      i18n (>= 0.4.0)
      mime-types (~> 1.16)
      treetop (~> 1.4.8)
    mime-types (1.21)
    polyglot (0.3.3)
    rack (1.5.2)
    rake (10.0.3)
    rspec (2.13.0)
      rspec-core (~> 2.13.0)
      rspec-expectations (~> 2.13.0)
      rspec-mocks (~> 2.13.0)
    rspec-core (2.13.0)
    rspec-expectations (2.13.0)
      diff-lcs (>= 1.1.3, < 2.0)
    rspec-mocks (2.13.0)
    treetop (1.4.12)
      polyglot
      polyglot (>= 0.3.1)

PLATFORMS
  ruby

DEPENDENCIES
  rack-exception_notifier!
  rake (~> 10.0.3)
  rspec (~> 2.13)
